GIT
  remote: git://github.com/romul/spree-enhanced-option-types.git
  revision: d451c5ba137e0fd880c55009767aad3f2321fcb0
  specs:
    spree_enhanced_option_types (0.30.0)
      spree_core (>= 0.30.2)

GIT
  remote: git://github.com/romul/spree-yandex-market.git
  revision: f0a1e4d0ce22cb1c3575c2bd449b6a3419a7b57e
  specs:
    spree_yandex_market (1.1.1)
      nokogiri (~> 1.4.0)
      spree_core (>= 0.40.99)

GIT
  remote: git://github.com/romul/spree_address_book.git
  revision: 6609e2260d39b29752661749089388939a608262
  specs:
    spree_address_book (0.50.0)
      spree_auth (>= 0.50.0)
      spree_core (>= 0.50.0)

GIT
  remote: git://github.com/romul/spree_dynamic_sitemaps.git
  revision: f4f88ea9316ed9986520be23bdc130a1c0b41586
  specs:
    dynamic_sitemaps (0.0.1)

GIT
  remote: git://github.com/romul/spree_editor.git
  revision: 757c8033fe914bba25fee43964d066c25dedbd57
  specs:
    spree_editor (0.40.0)
      spree_core (>= 0.40.0)

GIT
  remote: git://github.com/romul/spree_robokassa.git
  revision: 4f39ec6b8242f22c22b6248268240374827ed4ad
  specs:
    spree_robokassa (1.0.0)
      spree_core (>= 0.30.1)

GIT
  remote: git://github.com/secoint/spree_online_support.git
  revision: fa16509524d880a8f88ea96ca1a45cbddd21111f
  specs:
    spree_online_support (1.0.0)
      spree_core (>= 0.40.3)

GIT
  remote: git://github.com/secoint/synergy.git
  revision: eece298110faa010d47c93bd28018992a10d930e
  specs:
    synergy (0.50.0.rc0)
      json
      russian
      spree (>= 0.40.99)
      spree_address_book
      spree_editor
      spree_enhanced_option_types (>= 0.30.0)
      spree_i18n
      spree_online_support
      spree_robokassa
      spree_static_content (>= 0.40.0)
      spree_yandex_market

GIT
  remote: git://github.com/spree/spree.git
  revision: 317b398747bf7493af6b9dd1374cc8b6fc36ae25
  branch: 0-50-stable
  specs:
    spree (0.50.99)
      spree_api (= 0.50.99)
      spree_auth (= 0.50.99)
      spree_core (= 0.50.99)
      spree_dash (= 0.50.99)
      spree_promo (= 0.50.99)
      spree_sample (= 0.50.99)
    spree_api (0.50.99)
      spree_core (= 0.50.99)
    spree_auth (0.50.99)
      cancan (= 1.5.1)
      devise (= 1.2.rc2)
      spree_core (= 0.50.99)
    spree_core (0.50.99)
      activemerchant (= 1.12.0)
      acts_as_list (= 0.1.2)
      faker (= 0.9.5)
      highline (= 1.5.1)
      jquery-rails (= 0.2.6)
      meta_search (= 1.0.1)
      nested_set (= 1.6.4)
      paperclip (= 2.3.8)
      rails (= 3.0.6)
      rd_resource_controller
      rd_unobtrusive_date_picker (= 0.1.0)
      state_machine (= 0.9.4)
      stringex (= 1.0.3)
      will_paginate (= 3.0.pre2)
    spree_dash (0.50.99)
      spree_core (= 0.50.99)
    spree_promo (0.50.99)
      spree_core (= 0.50.99)
    spree_sample (0.50.99)
      spree_core (= 0.50.99)

GIT
  remote: git://github.com/spree/spree_i18n.git
  revision: 76bd698e4169b6e5487ea99d2377c57b084ceeb1
  specs:
    spree_i18n (1.0.0)
      spree_core (>= 0.30.0)

GIT
  remote: git://github.com/spree/spree_static_content.git
  revision: 45b0050b96809c8fb0f21940f9407e9012a6d420
  specs:
    spree_static_content (0.40.2)
      spree_core (>= 0.30.0)
      spree_editor

GIT
  remote: git://github.com/yaroslav/russian.git
  revision: 57af7fee22f9c324ac6313064c36e582d58ba8df
  specs:
    russian (0.2.7)

GEM
  remote: http://rubygems.org/
  specs:
    Ascii85 (1.0.0)
    abstract (1.0.0)
    actionmailer (3.0.6)
      actionpack (= 3.0.6)
      mail (~> 2.2.15)
    actionpack (3.0.6)
      activemodel (= 3.0.6)
      activesupport (= 3.0.6)
      builder (~> 2.1.2)
      erubis (~> 2.6.6)
      i18n (~> 0.5.0)
      rack (~> 1.2.1)
      rack-mount (~> 0.6.14)
      rack-test (~> 0.5.7)
      tzinfo (~> 0.3.23)
    activemerchant (1.12.0)
      activesupport (>= 2.3.8)
      braintree (>= 2.0.0)
      builder (>= 2.0.0)
    activemodel (3.0.6)
      activesupport (= 3.0.6)
      builder (~> 2.1.2)
      i18n (~> 0.5.0)
    activerecord (3.0.6)
      activemodel (= 3.0.6)
      activesupport (= 3.0.6)
      arel (~> 2.0.2)
      tzinfo (~> 0.3.23)
    activeresource (3.0.6)
      activemodel (= 3.0.6)
      activesupport (= 3.0.6)
    activesupport (3.0.6)
    acts_as_list (0.1.2)
    archive-tar-minitar (0.5.2)
    arel (2.0.9)
    bcrypt-ruby (2.1.4)
    braintree (2.9.1)
      builder
    builder (2.1.2)
    cancan (1.5.1)
    columnize (0.3.2)
    devise (1.2.rc2)
      bcrypt-ruby (~> 2.1.2)
      orm_adapter (~> 0.0.3)
      warden (~> 1.0.3)
    erubis (2.6.6)
      abstract (>= 1.0.0)
    faker (0.9.5)
      i18n (~> 0.4)
    haml (3.0.25)
    highline (1.5.1)
    i18n (0.5.0)
    jquery-rails (0.2.6)
      rails (~> 3.0)
      thor (~> 0.14.4)
    json (1.5.1)
    linecache19 (0.5.12)
      ruby_core_source (>= 0.1.4)
    mail (2.2.15)
      activesupport (>= 2.3.6)
      i18n (>= 0.4.0)
      mime-types (~> 1.16)
      treetop (~> 1.4.8)
    meta_search (1.0.1)
      actionpack (~> 3.0.2)
      activerecord (~> 3.0.2)
      activesupport (~> 3.0.2)
      arel (~> 2.0.2)
    mime-types (1.16)
    nested_set (1.6.4)
      activerecord (>= 3.0.0)
      railties (>= 3.0.0)
    nokogiri (1.4.4)
    orm_adapter (0.0.4)
    paperclip (2.3.8)
      activerecord
      activesupport
    pdf-reader (0.9.1)
      Ascii85 (>= 0.9)
    polyglot (0.3.1)
    prawn (0.11.1)
      pdf-reader (>= 0.9.0)
      ttfunk (~> 1.0.0)
    rack (1.2.2)
    rack-mount (0.6.14)
      rack (>= 1.0.0)
    rack-test (0.5.7)
      rack (>= 1.0)
    rails (3.0.6)
      actionmailer (= 3.0.6)
      actionpack (= 3.0.6)
      activerecord (= 3.0.6)
      activeresource (= 3.0.6)
      activesupport (= 3.0.6)
      bundler (~> 1.0)
      railties (= 3.0.6)
    railties (3.0.6)
      actionpack (= 3.0.6)
      activesupport (= 3.0.6)
      rake (>= 0.8.7)
      thor (~> 0.14.4)
    rake (0.8.7)
    rd_resource_controller (1.0.1)
    rd_unobtrusive_date_picker (0.1.0)
    ruby-debug-base19 (0.11.25)
      columnize (>= 0.3.1)
      linecache19 (>= 0.5.11)
      ruby_core_source (>= 0.1.4)
    ruby-debug19 (0.11.6)
      columnize (>= 0.3.1)
      linecache19 (>= 0.5.11)
      ruby-debug-base19 (>= 0.11.19)
    ruby_core_source (0.1.5)
      archive-tar-minitar (>= 0.5.2)
    sqlite3 (1.3.3)
    state_machine (0.9.4)
    stringex (1.0.3)
    thor (0.14.6)
    treetop (1.4.9)
      polyglot (>= 0.3.1)
    ttfunk (1.0.1)
    tzinfo (0.3.26)
    warden (1.0.3)
      rack (>= 1.0.0)
    will_paginate (3.0.pre2)

PLATFORMS
  ruby

DEPENDENCIES
  dynamic_sitemaps!
  haml
  prawn
  rails (= 3.0.6)
  ruby-debug19
  russian!
  spree!
  spree_address_book!
  spree_editor!
  spree_enhanced_option_types!
  spree_i18n!
  spree_online_support!
  spree_robokassa!
  spree_static_content!
  spree_yandex_market!
  sqlite3
  synergy!
